GEM
  remote: http://rubygems.org/
  specs:
    excon (0.12.0)
    json (1.6.5)
    net-scp (1.0.4)
      net-ssh (>= 1.99.1)
    net-ssh (2.3.0)
    rake (0.9.2.2)

PLATFORMS
  ruby

DEPENDENCIES
  excon
  json
  net-scp
  net-ssh
  rake
