GIT
  remote: ssh://git@git.acquia.com/mnt/git/repos/acquia_qa.git
  revision: 72a3a80b049f2c9e242be88ecd190611d0b9b8b9
  specs:
    acquia_qa (1.0.0)
      anemone
      bundler
      capybara
      configtoolkit
      etc
      faker
      gmail
      headless
      json
      libxml-ruby
      logger
      mocha
      net-netrc
      net-scp
      net-ssh
      popen4
      rake
      relative
      rest-client
      right_aws
      ruby-hmac
      sauce
      selenium-client
      test-unit

GEM
  remote: http://rubygems.org/
  specs:
    Platform (0.4.0)
    anemone (0.6.1)
      nokogiri (>= 1.3.0)
      robots (>= 0.7.2)
    assertions (1.4.1)
    builder (3.0.0)
    capybara (1.1.1)
      mime-types (>= 1.16)
      nokogiri (>= 1.3.3)
      rack (>= 1.0.0)
      rack-test (>= 0.5.4)
      selenium-webdriver (~> 2.0)
      xpath (~> 0.1.4)
    childprocess (0.2.2)
      ffi (~> 1.0.6)
    ci_reporter (1.6.5)
      builder (>= 2.1.2)
    cmdparse (2.0.3)
    configtoolkit (2.3.2)
      assertions (>= 1.0.0)
      relative (>= 1.0.0)
    escape (0.0.4)
    etc (0.2.0)
    faker (1.0.1)
      i18n (~> 0.4)
    ffi (1.0.9)
    gmail (0.4.0)
      gmail_xoauth (>= 0.3.0)
      mail (>= 2.2.1)
      mime (>= 0.1)
    gmail_xoauth (0.3.0)
      oauth (>= 0.3.6)
    headless (0.2.2)
    highline (1.6.2)
    i18n (0.6.0)
    json (1.6.1)
    json_pure (1.6.1)
    libxml-ruby (2.2.2)
    logger (1.2.8)
    mail (2.3.0)
      i18n (>= 0.4.0)
      mime-types (~> 1.16)
      treetop (~> 1.4.8)
    metaclass (0.0.1)
    mime (0.1)
    mime-types (1.17.2)
    mkrf (0.2.3)
    mocha (0.10.0)
      metaclass (~> 0.0.1)
    net-netrc (0.2.2)
      Platform (>= 0.3.0)
    net-scp (1.0.4)
      net-ssh (>= 1.99.1)
    net-ssh (2.2.1)
    net-ssh-gateway (1.1.0)
      net-ssh (>= 1.99.1)
    nokogiri (1.5.0)
    oauth (0.4.5)
    open4 (1.2.0)
    polyglot (0.3.2)
    popen4 (0.1.2)
      Platform (>= 0.4.0)
      open4 (>= 0.4.0)
    rack (1.3.5)
    rack-test (0.6.1)
      rack (>= 1.0)
    rake (0.9.2.2)
    relative (1.0.3)
    rest-client (1.6.7)
      mime-types (>= 1.16)
    right_aws (2.1.0)
      right_http_connection (>= 1.2.5)
    right_http_connection (1.3.0)
    robots (0.10.1)
    ruby-hmac (0.4.0)
    rubyzip (0.9.4)
    sauce (1.0.2)
      childprocess (>= 0.1.6)
      cmdparse (>= 2.0.2)
      highline (>= 1.5.0)
      json (>= 1.2.0)
      net-ssh
      net-ssh-gateway
      rest-client
      selenium-webdriver (>= 0.1.4)
    selenium-client (1.2.18)
    selenium-webdriver (2.9.1)
      childprocess (>= 0.2.1)
      ffi (= 1.0.9)
      json_pure
      rubyzip
    test-unit (2.4.0)
    treetop (1.4.10)
      polyglot
      polyglot (>= 0.3.1)
    xpath (0.1.4)
      nokogiri (~> 1.3)

PLATFORMS
  ruby

DEPENDENCIES
  acquia_qa!
  ci_reporter
  escape
  mkrf
