GIT
  remote: git://github.com/fog/fog.git
  revision: ac072e490399ad830f6ed7b5a6524d66809c7bed
  ref: ac072e490399ad830f6ed7b5a6524d66809c7bed
  specs:
    fog (1.5.0)
      builder
      excon (~> 0.14)
      formatador (~> 0.2.0)
      mime-types
      multi_json (~> 1.0)
      net-scp (~> 1.0.4)
      net-ssh (>= 2.1.3)
      nokogiri (~> 1.5.0)
      ruby-hmac

GEM
  remote: http://rubygems.org/
  specs:
    Platform (0.4.0)
    builder (3.0.0)
    excon (0.16.1)
    formatador (0.2.3)
    json (1.7.5)
    mime-types (1.19)
    multi_json (1.3.6)
    net-netrc (0.2.2)
      Platform (>= 0.3.0)
    net-scp (1.0.4)
      net-ssh (>= 1.99.1)
    net-ssh (2.5.2)
    nokogiri (1.5.5)
    rake (0.9.2.2)
    ruby-hmac (0.4.0)

PLATFORMS
  ruby

DEPENDENCIES
  excon
  fog!
  json
  net-netrc
  rake
