GIT
  remote: ssh://git@git.acquia.com/mnt/git/repos/webdriver_qa.git
  revision: fe7a4e43314b8413a12ad6d4df84490365623dda
  specs:
    acquia_qa (1.0.0)
      anemone
      bundler
      capybara
      configtoolkit
      etc
      faker
      gmail
      headless
      json
      libxml-ruby (= 2.2.0)
      logger
      mocha
      mysql
      net-netrc
      net-scp
      net-ssh
      popen4
      rake
      relative
      rest-client
      right_aws
      sauce
      selenium-client
      selenium-webdriver
      test-unit

GEM
  remote: http://rubygems.org/
  specs:
    Platform (0.4.0)
    anemone (0.7.1)
      nokogiri (>= 1.3.0)
      robotex (>= 1.0.0)
    assertions (1.4.1)
    capybara (1.1.2)
      mime-types (>= 1.16)
      nokogiri (>= 1.3.3)
      rack (>= 1.0.0)
      rack-test (>= 0.5.4)
      selenium-webdriver (~> 2.0)
      xpath (~> 0.1.4)
    capybara-mechanize (0.3.0.rc3)
      capybara (~> 1.1.0)
      mechanize (~> 2.0.0)
    childprocess (0.3.1)
      ffi (~> 1.0.6)
    cmdparse (2.0.3)
    configtoolkit (2.3.2)
      assertions (>= 1.0.0)
      relative (>= 1.0.0)
    etc (0.2.0)
    excon (0.12.0)
    faker (1.0.1)
      i18n (~> 0.4)
    ffi (1.0.11)
    git (1.2.5)
    gmail (0.4.0)
      gmail_xoauth (>= 0.3.0)
      mail (>= 2.2.1)
      mime (>= 0.1)
    gmail_xoauth (0.3.0)
      oauth (>= 0.3.6)
    headless (0.2.2)
    highline (1.6.11)
    i18n (0.6.0)
    jar_wrapper (0.1.2)
      jeweler
      jeweler
      zip
      zip
    jeweler (1.8.3)
      bundler (~> 1.0)
      git (>= 1.2.5)
      rake
      rdoc
    json (1.6.5)
    libxml-ruby (2.2.0)
    logger (1.2.8)
    mail (2.4.4)
      i18n (>= 0.4.0)
      mime-types (~> 1.16)
      treetop (~> 1.4.8)
    mechanize (2.0.1)
      net-http-digest_auth (~> 1.1, >= 1.1.1)
      net-http-persistent (~> 1.8)
      nokogiri (~> 1.4)
      webrobots (~> 0.0, >= 0.0.9)
    metaclass (0.0.1)
    mime (0.1)
    mime-types (1.17.2)
    mocha (0.10.5)
      metaclass (~> 0.0.1)
    multi_json (1.0.4)
    mysql (2.8.1)
    net-http-digest_auth (1.2)
    net-http-persistent (1.9)
    net-netrc (0.2.2)
      Platform (>= 0.3.0)
    net-scp (1.0.4)
      net-ssh (>= 1.99.1)
    net-ssh (2.3.0)
    net-ssh-gateway (1.1.0)
      net-ssh (>= 1.99.1)
    nokogiri (1.5.2)
    oauth (0.4.5)
    open4 (1.3.0)
    polyglot (0.3.3)
    popen4 (0.1.2)
      Platform (>= 0.4.0)
      open4 (>= 0.4.0)
    rack (1.4.1)
    rack-test (0.6.1)
      rack (>= 1.0)
    rake (0.9.2.2)
    rdoc (3.12)
      json (~> 1.4)
    relative (1.0.3)
    rest-client (1.6.7)
      mime-types (>= 1.16)
    right_aws (3.0.3)
      right_http_connection (>= 1.2.5)
    right_http_connection (1.3.0)
    robotex (1.0.0)
    rubyzip (0.9.6.1)
    sauce (1.0.2)
      childprocess (>= 0.1.6)
      cmdparse (>= 2.0.2)
      highline (>= 1.5.0)
      json (>= 1.2.0)
      net-ssh
      net-ssh-gateway
      rest-client
      selenium-webdriver (>= 0.1.4)
    selenium (0.2.5)
      jar_wrapper
      jeweler
    selenium-client (1.2.18)
    selenium-webdriver (2.15.0)
      childprocess (>= 0.2.1)
      ffi (~> 1.0.9)
      multi_json (~> 1.0.4)
      rubyzip
    test-unit (2.4.8)
    treetop (1.4.10)
      polyglot
      polyglot (>= 0.3.1)
    webrobots (0.0.13)
    xpath (0.1.4)
      nokogiri (~> 1.3)
    zip (2.0.2)

PLATFORMS
  ruby

DEPENDENCIES
  acquia_qa!
  capybara-mechanize
  excon
  headless
  json
  net-netrc
  net-scp
  net-ssh
  popen4
  rake
  relative
  right_aws
  selenium
  selenium-webdriver
